GEM
  remote: https://rubygems.org/
  specs:
    coderay (1.1.2)
    gems (1.1.1)
      json
    httparty (0.17.0)
      mime-types (~> 3.0)
      multi_xml (>= 0.5.2)
    json (2.3.1)
    method_source (0.9.2)
    mime-types (3.2.2)
      mime-types-data (~> 3.2015)
    mime-types-data (3.2019.0331)
    mini_portile2 (2.4.0)
    multi_xml (0.6.0)
    nokogiri (1.10.3)
      mini_portile2 (~> 2.4.0)
    pry (0.12.2)
      coderay (~> 1.1.0)
      method_source (~> 0.9.0)
    terminal-table (1.8.0)
      unicode-display_width (~> 1.1, >= 1.1.1)
    unicode-display_width (1.6.0)

PLATFORMS
  ruby

DEPENDENCIES
  gems (= 1.1.1)
  httparty (= 0.17.0)
  nokogiri (= 1.10.3)
  pry (= 0.12.2)
  terminal-table (= 1.8.0)

BUNDLED WITH
   2.0.2
