GEM
  remote: https://rubygems.org/
  specs:
    OptionParser (0.5.1)
    childprocess (1.0.1)
      rake (< 13.0)
    equatable (0.5.0)
    fileutils (1.2.0)
    mini_portile2 (2.4.0)
    necromancer (0.4.0)
    nokogiri (1.10.3)
      mini_portile2 (~> 2.4.0)
    pastel (0.7.2)
      equatable (~> 0.5.0)
      tty-color (~> 0.4.0)
    rake (12.3.3)
    regexp_parser (1.6.0)
    ruby-progressbar (1.10.1)
    rubyzip (1.2.3)
    selenium-webdriver (3.142.3)
      childprocess (>= 0.5, < 2.0)
      rubyzip (~> 1.2, >= 1.2.2)
    strings (0.1.5)
      strings-ansi (~> 0.1)
      unicode-display_width (~> 1.5)
      unicode_utils (~> 1.4)
    strings-ansi (0.1.0)
    tty-color (0.4.3)
    tty-screen (0.6.5)
    tty-table (0.10.0)
      equatable (~> 0.5.0)
      necromancer (~> 0.4.0)
      pastel (~> 0.7.2)
      strings (~> 0.1.0)
      tty-screen (~> 0.6.4)
    unicode-display_width (1.6.0)
    unicode_utils (1.4.0)
    watir (6.16.5)
      regexp_parser (~> 1.2)
      selenium-webdriver (~> 3.6)
    webdrivers (4.1.1)
      nokogiri (~> 1.6)
      rubyzip (~> 1.0)
      selenium-webdriver (>= 3.0, < 4.0)

PLATFORMS
  ruby

DEPENDENCIES
  OptionParser (~> 0.5.1)
  fileutils
  ruby-progressbar (~> 1.10, >= 1.10.1)
  tty-table (~> 0.10.0)
  watir (~> 6.16, >= 6.16.5)
  webdrivers (~> 4.1, >= 4.1.1)

BUNDLED WITH
   2.0.2
