GEM
  remote: https://rubygems.org/
  specs:
    axiom-types (0.1.1)
      descendants_tracker (~> 0.0.4)
      ice_nine (~> 0.11.0)
      thread_safe (~> 0.3, >= 0.3.1)
    coercible (1.0.0)
      descendants_tracker (~> 0.0.1)
    descendants_tracker (0.0.4)
      thread_safe (~> 0.3, >= 0.3.1)
    domain_name (0.5.20190701)
      unf (>= 0.0.5, < 1.0.0)
    equalizer (0.0.11)
    faraday (0.15.4)
      multipart-post (>= 1.2, < 3)
    http-cookie (1.0.3)
      domain_name (~> 0.5)
    ice_nine (0.11.2)
    inflecto (0.0.2)
    mime-types (3.2.2)
      mime-types-data (~> 3.2015)
    mime-types-data (3.2019.0331)
    multipart-post (2.1.1)
    netrc (0.11.0)
    redis (4.1.2)
    rest-client (2.0.2)
      http-cookie (>= 1.0.2, < 2.0)
      mime-types (>= 1.16, < 4.0)
      netrc (~> 0.8)
    telegram-bot-ruby (0.10.1)
      faraday
      inflecto
      virtus
    thread_safe (0.3.6)
    unf (0.1.4)
      unf_ext
    unf_ext (0.0.7.6)
    virtus (1.0.5)
      axiom-types (~> 0.1)
      coercible (~> 1.0)
      descendants_tracker (~> 0.0, >= 0.0.3)
      equalizer (~> 0.0, >= 0.0.9)

PLATFORMS
  ruby

DEPENDENCIES
  redis
  rest-client
  telegram-bot-ruby

BUNDLED WITH
   1.17.2
