GEM
  remote: https://rubygems.org/
  specs:
    json (2.2.0)
    mime-types (3.2.2)
      mime-types-data (~> 3.2015)
    mime-types-data (3.2019.0331)
    mini_portile2 (2.4.0)
    multi_xml (0.6.0)
    nokogiri (1.10.3)
      mini_portile2 (~> 2.4.0)

PLATFORMS
  ruby

DEPENDENCIES
  httparty
  json
  nokogiri

BUNDLED WITH
   1.17.2
