GEM
  remote: https://rubygems.org/
  specs:
    httparty (0.21.0)
      mini_mime (>= 1.0.0)
      multi_xml (>= 0.5.2)
    mini_mime (1.1.2)
    mini_portile2 (2.4.0)
    multi_xml (0.6.0)
    nokogiri (1.10.3)
      mini_portile2 (~> 2.4.0)
    table_print (1.5.6)

PLATFORMS
  ruby

DEPENDENCIES
  httparty
  nokogiri
  table_print

BUNDLED WITH
   1.17.2
